PATH
  remote: .
  specs:
    nth_weekday (0.1.0)

GEM
  remote: https://rubygems.org/
  specs:
    diff-lcs (1.6.1)
    rake (13.2.1)
    rspec (3.13.0)
      rspec-core (~> 3.13.0)
      rspec-expectations (~> 3.13.0)
      rspec-mocks (~> 3.13.0)
    rspec-core (3.13.3)
      rspec-support (~> 3.13.0)
    rspec-expectations (3.13.4)
      diff-lcs (>= 1.2.0, < 2.0)
      rspec-support (~> 3.13.0)
    rspec-mocks (3.13.4)
      diff-lcs (>= 1.2.0, < 2.0)
      rspec-support (~> 3.13.0)
    rspec-support (3.13.3)

PLATFORMS
  ruby

DEPENDENCIES
  bundler (~> 2.0)
  nth_weekday!
  rake (~> 13.0)
  rspec (~> 3.0)

BUNDLED WITH
   2.5.16
